GEM
  remote: https://rubygems.org/
  specs:
    concurrent-ruby (1.0.5)
    hamster (3.0.0)
      concurrent-ruby (~> 1.0)
    link_header (0.0.8)
    rdf (2.2.6)
      hamster (~> 3.0)
      link_header (~> 0.0, >= 0.0.8)
    sxp (1.0.0)
      rdf (~> 2.0)

PLATFORMS
  x86-mingw32

DEPENDENCIES
  sxp

BUNDLED WITH
   1.14.6
